GEM
  remote: https://rubygems.org/
  specs:
    activesupport (4.0.0)
      i18n (~> 0.6, >= 0.6.4)
      minitest (~> 4.2)
      multi_json (~> 1.3)
      thread_safe (~> 0.1)
      tzinfo (~> 0.3.37)
    atomic (1.1.14)
    binding_of_caller (0.6.7)
    climate_control (0.0.3)
      activesupport (>= 3.0)
    cocaine (0.5.3)
      climate_control (>= 0.0.3, < 1.0)
    coderay (1.0.6)
    diff-lcs (1.1.3)
    git (1.2.5)
    i18n (0.6.5)
    jeweler (1.8.3)
      bundler (~> 1.0)
      git (>= 1.2.5)
      rake
      rdoc
    json (1.6.6)
    method_source (0.7.1)
    minitest (4.7.5)
    multi_json (1.8.2)
    pry (0.9.8.4)
      coderay (~> 1.0.5)
      method_source (~> 0.7.1)
      slop (>= 2.4.4, < 3)
    pry-nav (0.2.0)
      pry (~> 0.9.8.1)
    pry-stack_explorer (0.4.1)
      binding_of_caller (~> 0.6.2)
      pry (~> 0.9.8.2)
    rake (0.9.2.2)
    rdoc (3.12)
      json (~> 1.4)
    rspec (2.9.0)
      rspec-core (~> 2.9.0)
      rspec-expectations (~> 2.9.0)
      rspec-mocks (~> 2.9.0)
    rspec-core (2.9.0)
    rspec-expectations (2.9.1)
      diff-lcs (~> 1.1.3)
    rspec-mocks (2.9.0)
    slop (2.4.4)
    thread_safe (0.1.3)
      atomic
    tzinfo (0.3.38)

PLATFORMS
  ruby

DEPENDENCIES
  cocaine
  jeweler
  pry
  pry-nav
  pry-stack_explorer
  rspec
